PATH
  remote: .
  specs:
    rails3_acts_as_paranoid (0.2.0)
      activerecord (~> 3.0)

GEM
  remote: http://rubygems.org/
  specs:
    activemodel (3.1.0)
      activesupport (= 3.1.0)
      bcrypt-ruby (~> 3.0.0)
      builder (~> 3.0.0)
      i18n (~> 0.6)
    activerecord (3.1.0)
      activemodel (= 3.1.0)
      activesupport (= 3.1.0)
      arel (~> 2.2.1)
      tzinfo (~> 0.3.29)
    activesupport (3.1.0)
      multi_json (~> 1.0)
    arel (2.2.1)
    bcrypt-ruby (3.0.0)
    builder (3.0.0)
    i18n (0.6.0)
    multi_json (1.0.3)
    rake (0.9.2)
    sqlite3 (1.3.4)
    sqlite3-ruby (1.3.3)
      sqlite3 (>= 1.3.3)
    tzinfo (0.3.29)

PLATFORMS
  ruby

DEPENDENCIES
  activesupport (>= 3.1.0)
  rails3_acts_as_paranoid!
  rake (>= 0.9.0)
  sqlite3-ruby (>= 1.3.0)
